GEM
  remote: https://rubygems.org/
  specs:
    aws-sdk-core (2.3.19)
      jmespath (~> 1.0)
    aws-sdk-resources (2.3.19)
      aws-sdk-core (= 2.3.19)
    foreman (0.82.0)
      thor (~> 0.19.1)
    httparty (0.13.7)
      json (~> 1.8)
      multi_xml (>= 0.5.2)
    jmespath (1.2.4)
      json_pure (>= 1.8.1)
    json (1.8.3)
    json_pure (2.0.1)
    line-bot-lite (0.4.1)
    multi_xml (0.5.5)
    puma (3.4.0)
    puma-heroku (1.0.0)
      puma (~> 3.0)
    rack (1.6.4)
    rack-protection (1.5.3)
      rack
    redis (3.3.0)
    sinatra (1.4.7)
      rack (~> 1.5)
      rack-protection (~> 1.4)
      tilt (>= 1.3, < 3)
    thor (0.19.1)
    tilt (2.0.5)
    woocommerce_api (1.2.1)
      httparty (~> 0.13, >= 0.13.7)

PLATFORMS
  ruby

DEPENDENCIES
  aws-sdk-resources
  foreman
  line-bot-lite
  puma
  puma-heroku
  redis
  sinatra
  woocommerce_api

BUNDLED WITH
   1.12.5
