GEM
  remote: https://rubygems.org/
  specs:
    blitline (2.8.0)
      multi_json
    foreman (0.82.0)
      thor (~> 0.19.1)
    line-bot-lite (0.4.1)
    multi_json (1.12.1)
    puma (3.4.0)
    puma-heroku (1.0.0)
      puma (~> 3.0)
    rack (1.6.4)
    rack-protection (1.5.3)
      rack
    redis (3.3.0)
    sinatra (1.4.7)
      rack (~> 1.5)
      rack-protection (~> 1.4)
      tilt (>= 1.3, < 3)
    thor (0.19.1)
    tilt (2.0.5)

PLATFORMS
  ruby

DEPENDENCIES
  blitline
  foreman
  line-bot-lite
  puma
  puma-heroku
  redis
  sinatra

BUNDLED WITH
   1.12.5
